NUGET
  remote: https://www.nuget.org/api/v2
  specs:
    NArrange (0.3.4)
