NUGET
  remote: https://www.nuget.org/api/v2
  specs:
    NArrange (0.3.4)
    NArrange.PreBuild (0.2.9.2)
